GEM
  remote: http://rubygems.org/
  specs:
    excon (0.15.5)
    multi_json (1.3.6)
    term-ansicolor (1.0.7)

PLATFORMS
  ruby

DEPENDENCIES
  excon
  multi_json
  term-ansicolor
